GEM
  remote: http://rubygems.org/
  specs:
    activemodel (7.0.4.1)
      activesupport (= 7.0.4.1)
    activesupport (7.0.4.1)
      concurrent-ruby (~> 1.0, >= 1.0.2)
      i18n (>= 1.6, < 2)
      minitest (>= 5.1)
      tzinfo (~> 2.0)
    concurrent-ruby (1.1.10)
    daemons (1.1.8)
    date (3.3.3)
    diff-lcs (1.1.3)
    eventmachine (0.12.10)
    haml (3.1.6)
    i18n (1.12.0)
      concurrent-ruby (~> 1.0)
    mail (2.8.0.1)
      mini_mime (>= 0.1.1)
      net-imap
      net-pop
      net-smtp
    metaclass (0.0.1)
    mime-types (3.4.1)
      mime-types-data (~> 3.2015)
    mime-types-data (3.2022.0105)
    mini_mime (1.1.2)
    minitest (5.17.0)
    mocha (0.12.1)
      metaclass (~> 0.0.1)
    moneta (1.1.1)
    multi_json (1.15.0)
    mustermann (3.0.0)
      ruby2_keywords (~> 0.0.1)
    net-imap (0.3.4)
      date
      net-protocol
    net-pop (0.1.2)
      net-protocol
    net-protocol (0.2.1)
      timeout
    net-smtp (0.3.3)
      net-protocol
    padrino (0.15.2)
      padrino-admin (= 0.15.2)
      padrino-cache (= 0.15.2)
      padrino-core (= 0.15.2)
      padrino-gen (= 0.15.2)
      padrino-helpers (= 0.15.2)
      padrino-mailer (= 0.15.2)
      padrino-support (= 0.15.2)
    padrino-admin (0.15.2)
      padrino-core (= 0.15.2)
      padrino-helpers (= 0.15.2)
    padrino-cache (0.15.2)
      moneta (~> 1.1.0)
      padrino-core (= 0.15.2)
      padrino-helpers (= 0.15.2)
    padrino-core (0.15.2)
      padrino-support (= 0.15.2)
      sinatra (>= 2.2.4)
      thor (~> 1.0)
    padrino-gen (0.15.2)
      bundler (>= 1.0, < 3)
      padrino-core (= 0.15.2)
    padrino-helpers (0.15.2)
      i18n (>= 0.6.7, < 2)
      padrino-support (= 0.15.2)
      tilt (>= 1.4.1, < 3)
    padrino-mailer (0.15.2)
      mail (~> 2.5)
      mime-types (< 4)
      padrino-core (= 0.15.2)
    padrino-support (0.15.2)
    rabl (0.7.0)
      activesupport (>= 2.3.14)
      multi_json (~> 1.0)
    rack (2.2.6.2)
    rack-protection (3.0.5)
      rack
    rack-test (0.6.1)
      rack (>= 1.0)
    rake (0.9.2.2)
    rspec (2.11.0)
      rspec-core (~> 2.11.0)
      rspec-expectations (~> 2.11.0)
      rspec-mocks (~> 2.11.0)
    rspec-core (2.11.1)
    rspec-expectations (2.11.2)
      diff-lcs (~> 1.1.3)
    rspec-mocks (2.11.1)
    ruby2_keywords (0.0.5)
    sinatra (3.0.5)
      mustermann (~> 3.0)
      rack (~> 2.2, >= 2.2.4)
      rack-protection (= 3.0.5)
      tilt (~> 2.0)
    thin (1.4.1)
      daemons (>= 1.0.9)
      eventmachine (>= 0.12.6)
      rack (>= 1.0.0)
    thor (1.2.1)
    tilt (2.0.11)
    timeout (0.3.1)
    tzinfo (2.0.5)
      concurrent-ruby (~> 1.0)
    yajl-ruby (1.1.0)

PLATFORMS
  ruby

DEPENDENCIES
  activemodel
  activesupport
  haml
  mocha
  padrino (= 0.15.2)
  rabl
  rack-test
  rake
  rspec
  thin
  yajl-ruby
